GEM
  remote: https://rubygems.org/
  specs:
    aws-sdk (1.58.0)
      aws-sdk-v1 (= 1.58.0)
    aws-sdk-v1 (1.58.0)
      json (~> 1.4)
      nokogiri (>= 1.4.4)
    json (1.8.1)
    mime-types (2.3)
    mini_portile (0.6.1)
    netrc (0.7.7)
    nokogiri (1.6.4.1)
      mini_portile (~> 0.6.0)
    rest-client (1.7.2)
      mime-types (>= 1.16, < 3.0)
      netrc (~> 0.7)

PLATFORMS
  ruby

DEPENDENCIES
  aws-sdk
  rest-client
